PATH
  remote: .
  specs:
    testerobly (1.0.0)
      listen (~> 3.9.0)

GEM
  remote: https://rubygems.org/
  specs:
    ffi (1.17.2)
    ffi (1.17.2-arm64-darwin)
    listen (3.9.0)
      rb-fsevent (~> 0.10, >= 0.10.3)
      rb-inotify (~> 0.9, >= 0.9.10)
    rb-fsevent (0.11.2)
    rb-inotify (0.11.1)
      ffi (~> 1.0)

PLATFORMS
  arm64-darwin-24
  ruby

DEPENDENCIES
  testerobly!

BUNDLED WITH
   2.7.1
